GEM
  remote: https://rubygems.org/
  specs:
    activesupport (3.2.8)
      i18n (~> 0.6)
      multi_json (~> 1.0)
    addressable (2.3.2)
    bubble-wrap (1.1.4)
    cocoapods (0.15.2)
      activesupport (~> 3.2.6)
      colored (~> 1.2)
      escape (~> 0.0.4)
      faraday (~> 0.8.1)
      json (~> 1.7.3)
      octokit (~> 1.7)
      open4 (~> 1.3.0)
      rake (~> 0.9.0)
      xcodeproj (~> 0.3.5)
    coderay (1.0.8)
    colored (1.2)
    escape (0.0.4)
    faraday (0.8.4)
      multipart-post (~> 1.1)
    faraday_middleware (0.8.8)
      faraday (>= 0.7.4, < 0.9)
    guard (1.6.2)
      listen (>= 0.6.0)
      lumberjack (>= 1.0.2)
      pry (>= 0.9.10)
      terminal-table (>= 1.4.3)
      thor (>= 0.14.6)
    guard-rake (0.0.7)
      guard
      rake
    hashie (1.2.0)
    i18n (0.6.1)
    json (1.7.5)
    listen (0.7.2)
    lumberjack (1.0.2)
    method_source (0.8.1)
    motion-cocoapods (1.2.1)
      cocoapods (>= 0.14.0)
    motion-testflight (1.3)
    multi_json (1.3.6)
    multipart-post (1.1.5)
    octokit (1.18.0)
      addressable (~> 2.2)
      faraday (~> 0.8)
      faraday_middleware (~> 0.8)
      hashie (~> 1.2)
      multi_json (~> 1.3)
    open4 (1.3.0)
    pry (0.9.11.4)
      coderay (~> 1.0.5)
      method_source (~> 0.8)
      slop (~> 3.4)
    rake (0.9.2.2)
    rb-fsevent (0.9.1)
    slop (3.4.3)
    terminal-notifier-guard (1.5.3)
    terminal-table (1.4.5)
    thor (0.17.0)
    xcodeproj (0.3.5)
      activesupport (~> 3.2.6)

PLATFORMS
  ruby

DEPENDENCIES
  bubble-wrap
  guard
  guard-rake
  motion-cocoapods
  motion-testflight
  rake
  rb-fsevent (~> 0.9.1)
  terminal-notifier-guard
