GEM
  remote: https://rubygems.org/
  specs:
    bubble-wrap (1.1.2)
    cocoapods (0.5.1)
      xcodeproj (~> 0.1.0)
    motion-cocoapods (1.0.4)
      cocoapods (>= 0.5.1)
    motion-testflight (1.1)
    rake (0.9.2.2)
    xcodeproj (0.1.0)

PLATFORMS
  ruby

DEPENDENCIES
  bubble-wrap
  motion-cocoapods
  motion-testflight
  rake
